GEM
  remote: https://rubygems.org/
  specs:
    OptionParser (0.5.1)

PLATFORMS
  ruby

DEPENDENCIES
  OptionParser (~> 0.5.1)

BUNDLED WITH
   1.14.6
